PATH
  remote: .
  specs:
    rent_manager (0.1.0)
      awrence (~> 2.0)
      json (~> 2.6)
      plissken (~> 2.0)
      typhoeus (~> 1.4)

GEM
  remote: https://rubygems.org/
  specs:
    ast (2.4.2)
    awrence (2.0.1)
    byebug (11.1.3)
    coderay (1.1.3)
    ethon (0.16.0)
      ffi (>= 1.15.0)
    ffi (1.15.5)
    json (2.6.3)
    method_source (1.0.0)
    parallel (1.23.0)
    parser (3.2.2.1)
      ast (~> 2.4.1)
    plissken (2.0.1)
    pry (0.14.2)
      coderay (~> 1.1)
      method_source (~> 1.0)
    pry-byebug (3.10.1)
      byebug (~> 11.0)
      pry (>= 0.13, < 0.15)
    rainbow (3.1.1)
    rake (13.0.6)
    regexp_parser (2.8.0)
    rexml (3.2.5)
    rubocop (1.51.0)
      json (~> 2.3)
      parallel (~> 1.10)
      parser (>= 3.2.0.0)
      rainbow (>= 2.2.2, < 4.0)
      regexp_parser (>= 1.8, < 3.0)
      rexml (>= 3.2.5, < 4.0)
      rubocop-ast (>= 1.28.0, < 2.0)
      ruby-progressbar (~> 1.7)
      unicode-display_width (>= 2.4.0, < 3.0)
    rubocop-ast (1.28.1)
      parser (>= 3.2.1.0)
    ruby-progressbar (1.13.0)
    typhoeus (1.4.0)
      ethon (>= 0.9.0)
    unicode-display_width (2.4.2)

PLATFORMS
  arm64-darwin-21

DEPENDENCIES
  pry-byebug (~> 3.10.1)
  rake (~> 13.0)
  rent_manager!
  rubocop (~> 1.50)

BUNDLED WITH
   2.4.10
